GEM
  remote: https://rubygems.org/
  specs:
    date (2.0.0)
    mustermann (1.0.3)
    pg (1.1.4)
    rack (2.0.8)
    rack-protection (2.0.5)
      rack
    sinatra (2.0.5)
      mustermann (~> 1.0)
      rack (~> 2.0)
      rack-protection (= 2.0.5)
      tilt (~> 2.0)
    tilt (2.0.9)

PLATFORMS
  ruby

DEPENDENCIES
  date
  pg
  sinatra

RUBY VERSION
   ruby 2.4.1p111

BUNDLED WITH
   1.17.1
